GEM
  remote: https://rubygems.org/
  specs:
    backports (3.24.1)
    bcrypt (3.1.18)
    erubis (2.7.0)
    multi_json (1.15.0)
    pg (0.18.4)
    rack (1.6.13)
    rack-protection (1.5.5)
      rack
    rack-test (2.1.0)
      rack (>= 1.3)
    sinatra (1.4.8)
      rack (~> 1.5)
      rack-protection (~> 1.4)
      tilt (>= 1.3, < 3)
    sinatra-contrib (1.4.7)
      backports (>= 2.0)
      multi_json
      rack-protection
      rack-test
      sinatra (~> 1.4.0)
      tilt (>= 1.3, < 3)
    tilt (2.1.0)
    webrick (1.4.4)

PLATFORMS
  ruby

DEPENDENCIES
  bcrypt (~> 3.1.18)
  erubis (~> 2.7.0)
  pg (~> 0.18.4)
  sinatra (~> 1.4.7)
  sinatra-contrib (~> 1.4.7)
  webrick (~> 1.4.2)

RUBY VERSION
   ruby 2.6.3p62

BUNDLED WITH
   1.17.3
